GEM
  remote: https://rubygems.org/
  specs:
    base64 (0.3.0)
    json (2.7.6)
    jwt (3.1.2)
      base64
    nio4r (2.7.4)
    puma (6.6.1)
      nio4r (~> 2.0)
    rack (3.2.0)
    rackup (2.2.1)
      rack (>= 3)

PLATFORMS
  ruby

DEPENDENCIES
  json
  jwt
  puma
  rack
  rackup

BUNDLED WITH
   2.4.19
